PATH
  remote: .
  specs:
    advent-of-code-2021 (0.1.0)

GEM
  remote: https://rubygems.org/
  specs:
    byebug (11.1.3)
    diff-lcs (1.4.4)
    rake (13.0.6)
    rspec (3.10.0)
      rspec-core (~> 3.10.0)
      rspec-expectations (~> 3.10.0)
      rspec-mocks (~> 3.10.0)
    rspec-core (3.10.1)
      rspec-support (~> 3.10.0)
    rspec-expectations (3.10.1)
      diff-lcs (>= 1.2.0, < 2.0)
      rspec-support (~> 3.10.0)
    rspec-mocks (3.10.2)
      diff-lcs (>= 1.2.0, < 2.0)
      rspec-support (~> 3.10.0)
    rspec-support (3.10.3)
    sorbet (0.5.9426)
      sorbet-static (= 0.5.9426)
    sorbet-runtime (0.5.9426)
    sorbet-static (0.5.9426-universal-darwin-14)
    sorbet-static (0.5.9426-universal-darwin-15)
    sorbet-static (0.5.9426-universal-darwin-16)
    sorbet-static (0.5.9426-universal-darwin-17)
    sorbet-static (0.5.9426-universal-darwin-18)
    sorbet-static (0.5.9426-universal-darwin-19)
    sorbet-static (0.5.9426-universal-darwin-20)
    sorbet-static (0.5.9426-universal-darwin-21)
    sorbet-static (0.5.9426-x86_64-linux)

PLATFORMS
  ruby
  x86_64-darwin-20

DEPENDENCIES
  advent-of-code-2021!
  byebug
  rake (~> 13.0)
  rspec
  sorbet
  sorbet-runtime

BUNDLED WITH
   2.2.24
